GEM
  remote: http://rubygems.org/
  specs:
    activesupport (3.0.12)
    builder (3.0.0)
    chronic (0.6.7)
    config_reader (0.0.9)
    curb (0.7.18)
    domain_name (0.5.3)
      unf (~> 0.0.3)
    feedzirra (0.1.2)
      activesupport (~> 3.0.8)
      builder (>= 2.1.2)
      curb (~> 0.7.15)
      i18n (>= 0.5.0)
      loofah (~> 1.2.0)
      nokogiri (>= 1.4.4)
      rake (>= 0.8.7)
      rdoc (~> 3.8)
      sax-machine (~> 0.1.0)
    i18n (0.6.0)
    json (1.6.5)
    loofah (1.2.0)
      nokogiri (>= 1.4.4)
    mechanize (2.3)
      domain_name (~> 0.5, >= 0.5.1)
      mime-types (~> 1.17, >= 1.17.2)
      net-http-digest_auth (~> 1.1, >= 1.1.1)
      net-http-persistent (~> 2.5, >= 2.5.2)
      nokogiri (~> 1.4)
      ntlm-http (~> 0.1, >= 0.1.1)
      webrobots (~> 0.0, >= 0.0.9)
    mime-types (1.18)
    net-http-digest_auth (1.2)
    net-http-persistent (2.6)
    nokogiri (1.5.0)
    ntlm-http (0.1.1)
    rake (0.9.2.2)
    rdoc (3.12)
      json (~> 1.4)
    sax-machine (0.1.0)
      nokogiri (> 0.0.0)
    unf (0.0.5)
      unf_ext
    unf_ext (0.0.4)
    webrobots (0.0.13)
    whenever (0.7.3)
      activesupport (>= 2.3.4)
      chronic (~> 0.6.3)

PLATFORMS
  ruby

DEPENDENCIES
  config_reader
  feedzirra
  mechanize
  whenever
